GEM
  specs:
    redcarpet (2.0.0)

PLATFORMS
  ruby

DEPENDENCIES
  redcarpet
