GEM
  specs:
    rake (0.9.2.2)
    redcarpet (2.0.1)

PLATFORMS
  ruby

DEPENDENCIES
  rake
  redcarpet
