GEM
  specs:
    colorize (0.5.8)
    rake (10.0.3)
    redcarpet (2.2.2)

PLATFORMS
  ruby

DEPENDENCIES
  colorize
  rake
  redcarpet
