GEM
  specs:
    colorize (0.5.8)
    rake (10.1.0)
    redcarpet (2.3.0)

PLATFORMS
  ruby

DEPENDENCIES
  colorize
  rake
  redcarpet
