GEM
  specs:
    builder (3.0.0)
    rake (0.9.2.2)
    redcarpet (2.0.1)

PLATFORMS
  ruby

DEPENDENCIES
  builder
  rake
  redcarpet
