GEM
  specs:
    redcarpet (2.0.1)

PLATFORMS
  ruby

DEPENDENCIES
  redcarpet
